GEM
  remote: https://rubygems.org/
  specs:
    diff-lcs (1.1.2)
    ffi (0.6.3)
      rake (>= 0.8.7)
    git (1.2.5)
    jeweler (1.5.0.pre3)
      bundler (~> 1.0.0)
      git (>= 1.2.5)
      rake
    rake (0.8.7)
    rdiscount (1.6.5)
    rspec (2.0.0)
      rspec-core (= 2.0.0)
      rspec-expectations (= 2.0.0)
      rspec-mocks (= 2.0.0)
    rspec-core (2.0.0)
    rspec-expectations (2.0.0)
      diff-lcs (>= 1.1.2)
    rspec-mocks (2.0.0)
      rspec-core (= 2.0.0)
      rspec-expectations (= 2.0.0)
    yard (0.6.1)

PLATFORMS
  ruby

DEPENDENCIES
  ffi (~> 0.6.0)
  jeweler (~> 1.5.0.pre)
  rake (~> 0.8.7)
  rdiscount (~> 1.6.3)
  rspec (~> 2.0.0)
  yard (~> 0.6.0)
